GEM
  remote: https://rubygems.org/
  specs:
    addressable (2.8.6)
      public_suffix (>= 2.0.2, < 6.0)
    bigdecimal (3.1.6)
    crack (1.0.0)
      bigdecimal
      rexml
    faraday (2.10.0)
      faraday-net_http (>= 2.0, < 3.2)
      logger
    faraday-net_http (3.1.0)
      net-http
    hashdiff (1.1.0)
    logger (1.6.0)
    minitest (5.22.3)
    minitest-stub_any_instance (1.0.3)
    net-http (0.4.1)
      uri
    public_suffix (5.0.4)
    rexml (3.2.6)
    uri (0.13.0)
    webmock (3.23.0)
      addressable (>= 2.8.0)
      crack (>= 0.3.2)
      hashdiff (>= 0.4.0, < 2.0.0)

PLATFORMS
  ruby

DEPENDENCIES
  faraday
  minitest
  minitest-stub_any_instance
  webmock

BUNDLED WITH
   2.1.4
